GEM
  remote: https://rubygems.org/
  specs:
    highline (1.6.20)
    mustache (0.99.4)
    rake (0.9.2.2)

PLATFORMS
  ruby

DEPENDENCIES
  highline
  mustache
  rake
